GEM
  remote: https://rubygems.org/
  specs:
    multi_json (1.15.0)
    mustermann (2.0.2)
      ruby2_keywords (~> 0.0.1)
    nio4r (2.7.4)
    prometheus-client (2.1.0)
    puma (5.6.9)
      nio4r (~> 2.0)
    rack (2.2.13)
    rack-protection (2.2.4)
      rack
    ruby2_keywords (0.0.5)
    sinatra (2.2.4)
      mustermann (~> 2.0)
      rack (~> 2.2)
      rack-protection (= 2.2.4)
      tilt (~> 2.0)
    sinatra-contrib (2.2.4)
      multi_json
      mustermann (~> 2.0)
      rack-protection (= 2.2.4)
      sinatra (= 2.2.4)
      tilt (~> 2.0)
    tilt (2.6.0)

PLATFORMS
  x86_64-linux-gnu

DEPENDENCIES
  mustermann (~> 2.0)
  prometheus-client
  puma
  sinatra (~> 2.2.3)
  sinatra-contrib

BUNDLED WITH
   2.4.20
